GEM
  remote: https://rubygems.org/
  specs:
    actionmailer (1.3.3)
      actionpack (= 1.13.3)
    actionpack (1.13.3)
      activesupport (= 1.4.2)
    actionwebservice (1.2.3)
      actionpack (= 1.13.3)
      activerecord (= 1.15.3)
    activerecord (1.15.3)
      activesupport (= 1.4.2)
    activesupport (1.4.2)
    color (1.4.1)
    hoe (1.8.2)
      rake (>= 0.8.3)
      rubyforge (>= 1.0.1)
    pdf-writer (1.1.8)
      color (>= 1.4.0)
      transaction-simple (~> 1.3)
    rails (1.2.3)
      actionmailer (= 1.3.3)
      actionpack (= 1.13.3)
      actionwebservice (= 1.2.3)
      activerecord (= 1.15.3)
      activesupport (= 1.4.2)
      rake (>= 0.7.2)
    rake (0.8.7)
    rubyforge (1.0.1)
    sqlite3 (1.3.11-x86-mingw32)
    sqlite3-ruby (1.3.3)
      sqlite3 (>= 1.3.3)
    transaction-simple (1.4.0)
      hoe (>= 1.1.7)

PLATFORMS
  x86-mingw32

DEPENDENCIES
  actionmailer (= 1.3.3)
  actionpack (= 1.13.3)
  actionwebservice (= 1.2.3)
  activerecord (= 1.15.3)
  activesupport (= 1.4.2)
  color (= 1.4.1)
  hoe (= 1.8.2)
  pdf-writer (= 1.1.8)
  rails (= 1.2.3)
  rake (= 0.8.7)
  rubyforge (= 1.0.1)
  sqlite3-ruby
  transaction-simple (= 1.4.0)

BUNDLED WITH
   1.11.2
